GEM
  remote: http://rubygems.org/
  specs:
    ZenTest (4.4.0)
    activerecord (2.3.5)
      activesupport (= 2.3.5)
    activesupport (2.3.5)
    gemcutter (0.6.1)
    git (1.2.5)
    jeweler (1.4.0)
      gemcutter (>= 0.1.0)
      git (>= 1.2.5)
      rubyforge (>= 2.0.0)
    json_pure (1.4.6)
    mocha (0.9.8)
      rake
    pg (0.9.0)
    rake (0.8.7)
    rcov (0.9.9)
    redgreen (1.2.2)
    rubyforge (2.0.4)
      json_pure (>= 1.1.7)
    shoulda (2.10.2)
    sqlite3-ruby (1.3.1)

PLATFORMS
  ruby

DEPENDENCIES
  ZenTest
  activerecord (= 2.3.5)
  jeweler
  mocha (= 0.9.8)
  pg
  rcov
  redgreen
  shoulda (= 2.10.2)
  sqlite3-ruby
